GEM
  remote: https://rubygems.org/
  specs:
    bourbon (4.2.1)
      sass (~> 3.4)
      thor
    sass (3.4.13)
    thor (0.19.1)

PLATFORMS
  ruby

DEPENDENCIES
  bourbon
  sass
